GEM
  remote: https://rubygems.org/
  specs:
    bourne (1.4.0)
      mocha (~> 0.13.2)
    diff-lcs (1.2.2)
    metaclass (0.0.1)
    mocha (0.13.3)
      metaclass (~> 0.0.1)
    rspec (2.13.0)
      rspec-core (~> 2.13.0)
      rspec-expectations (~> 2.13.0)
      rspec-mocks (~> 2.13.0)
    rspec-core (2.13.1)
    rspec-expectations (2.13.0)
      diff-lcs (>= 1.1.3, < 2.0)
    rspec-mocks (2.13.0)

PLATFORMS
  ruby

DEPENDENCIES
  bourne
  rspec
